GEM
  remote: https://rubygems.org/
  specs:
    sorbet (0.4.4686)
      sorbet-static (= 0.4.4686)
    sorbet-runtime (0.4.4686)
    sorbet-static (0.4.4686-universal-darwin-14)

PLATFORMS
  ruby

DEPENDENCIES
  sorbet
  sorbet-runtime

RUBY VERSION
   ruby 2.6.3p62

BUNDLED WITH
   1.17.3
