GEM
  remote: https://rubygems.org/
  specs:
    brakeman (4.7.0)
    sorbet (0.4.4901)
      sorbet-static (= 0.4.4901)
    sorbet-runtime (0.4.4901)
    sorbet-static (0.4.4901-universal-darwin-14)

PLATFORMS
  ruby

DEPENDENCIES
  brakeman
  sorbet
  sorbet-runtime

RUBY VERSION
   ruby 2.6.5p114

BUNDLED WITH
   2.0.2
