GEM
  remote: https://rubygems.org/
  specs:

PLATFORMS
  x86_64-darwin-16
  x86_64-linux

DEPENDENCIES

RUBY VERSION
   ruby 2.6.6p146

BUNDLED WITH
   2.2.10
