GEM
  remote: https://rubygems.org/
  specs:
    sorbet (0.4.4770)
      sorbet-static (= 0.4.4770)
    sorbet-runtime (0.4.4770)
    sorbet-static (0.4.4770-universal-darwin-14)

PLATFORMS
  ruby

DEPENDENCIES
  sorbet
  sorbet-runtime

RUBY VERSION
   ruby 2.6.4p104

BUNDLED WITH
   2.0.1
